GEM
  remote: https://rubygems.org/
  specs:
    childprocess (0.5.7)
      ffi (~> 1.0, >= 1.0.11)
    ffi (1.9.10)
    multi_json (1.11.2)
    rubyzip (1.1.7)
    selenium-webdriver (2.43.0)
      childprocess (~> 0.5)
      multi_json (~> 1.0)
      rubyzip (~> 1.0)
      websocket (~> 1.0)
    websocket (1.2.2)
    zander (0.1.3)

PLATFORMS
  ruby

DEPENDENCIES
  selenium-webdriver (~> 2.43.0)
  zander

BUNDLED WITH
   1.10.5
